PATH
  remote: .
  specs:
    fpm-fry (0.2.1)
      excon (~> 0.30)
      fpm (~> 1.0)
      json (~> 1.8)

GEM
  remote: https://rubygems.org/
  specs:
    addressable (2.4.0)
    archive-tar-minitar (0.5.2)
    arr-pm (0.0.10)
      cabin (> 0)
    backports (3.6.8)
    cabin (0.8.1)
    childprocess (0.5.9)
      ffi (~> 1.0, >= 1.0.11)
    clamp (1.0.0)
    coveralls (0.8.13)
      json (~> 1.8)
      simplecov (~> 0.11.0)
      term-ansicolor (~> 1.3)
      thor (~> 0.19.1)
      tins (~> 1.6.0)
    crack (0.4.3)
      safe_yaml (~> 1.0.0)
    diff-lcs (1.2.5)
    docile (1.1.5)
    excon (0.49.0)
    ffi (1.9.10)
    fpm (1.6.0)
      archive-tar-minitar
      arr-pm (~> 0.0.10)
      backports (>= 2.6.2)
      cabin (>= 0.6.0)
      childprocess
      clamp (~> 1.0.0)
      ffi
      json (>= 1.7.7)
      pleaserun (~> 0.0.24)
      ruby-xz
    hashdiff (0.3.0)
    insist (1.0.0)
    io-like (0.3.0)
    json (1.8.3)
    mustache (0.99.8)
    pleaserun (0.0.24)
      cabin (> 0)
      clamp
      insist
      mustache (= 0.99.8)
      stud
    rspec (3.4.0)
      rspec-core (~> 3.4.0)
      rspec-expectations (~> 3.4.0)
      rspec-mocks (~> 3.4.0)
    rspec-core (3.4.4)
      rspec-support (~> 3.4.0)
    rspec-expectations (3.4.0)
      diff-lcs (>= 1.2.0, < 2.0)
      rspec-support (~> 3.4.0)
    rspec-mocks (3.4.1)
      diff-lcs (>= 1.2.0, < 2.0)
      rspec-support (~> 3.4.0)
    rspec-support (3.4.1)
    ruby-xz (0.2.3)
      ffi (~> 1.9)
      io-like (~> 0.3)
    safe_yaml (1.0.4)
    simplecov (0.11.2)
      docile (~> 1.1.0)
      json (~> 1.8)
      simplecov-html (~> 0.10.0)
    simplecov-html (0.10.0)
    stud (0.0.22)
    term-ansicolor (1.3.2)
      tins (~> 1.0)
    thor (0.19.1)
    tins (1.6.0)
    webmock (1.24.5)
      addressable (>= 2.3.6)
      crack (>= 0.3.2)
      hashdiff

PLATFORMS
  ruby

DEPENDENCIES
  coveralls
  fpm-fry!
  rspec (>= 3.0.0)
  simplecov
  webmock

BUNDLED WITH
   1.12.4
