GIT
  remote: https://github.com/hannesg/fpm.git
  revision: f937f1cdf6e3747ae295e87e397211f112f2bba1
  branch: remove_ftw
  specs:
    fpm (1.1.0)
      arr-pm (~> 0.0.9)
      backports (>= 2.6.2)
      cabin (>= 0.6.0)
      childprocess
      clamp (~> 0.6)
      ffi
      json (>= 1.7.7)

PATH
  remote: .
  specs:
    fpm-dockery (0.1.0)
      excon (~> 0.30)
      fpm (~> 1.0)

GEM
  remote: https://rubygems.org/
  specs:
    arr-pm (0.0.9)
      cabin (> 0)
    backports (3.6.0)
    cabin (0.6.1)
    childprocess (0.5.2)
      ffi (~> 1.0, >= 1.0.11)
    clamp (0.6.3)
    excon (0.33.0)
    ffi (1.9.3)
    json (1.8.1)

PLATFORMS
  ruby

DEPENDENCIES
  fpm!
  fpm-dockery!
