PATH
  remote: .
  specs:
    fpm-dockery (0.1.0)
      excon (~> 0.30)
      fpm (~> 1.0)

GEM
  remote: https://rubygems.org/
  specs:
    addressable (2.3.6)
    arr-pm (0.0.9)
      cabin (> 0)
    backports (3.6.0)
    cabin (0.6.1)
    childprocess (0.5.2)
      ffi (~> 1.0, >= 1.0.11)
    clamp (0.6.3)
    excon (0.33.0)
    ffi (1.9.3)
    fpm (1.0.2)
      arr-pm (~> 0.0.8)
      backports (>= 2.6.2)
      cabin (>= 0.6.0)
      childprocess
      clamp (~> 0.6)
      ffi
      ftw (~> 0.0.30)
      json (>= 1.7.7)
    ftw (0.0.39)
      addressable
      backports (>= 2.6.2)
      cabin (> 0)
      http_parser.rb (= 0.5.3)
    http_parser.rb (0.5.3)
    json (1.8.1)

PLATFORMS
  ruby

DEPENDENCIES
  fpm-dockery!
